PATH
  remote: .
  specs:
    zipeador (0.1.1)
      rubyzip (>= 1.2.2)

GEM
  remote: https://rubygems.org/
  specs:
    minitest (5.11.3)
    rake (10.5.0)
    rubyzip (1.2.2)

PLATFORMS
  ruby

DEPENDENCIES
  bundler (~> 1.17)
  minitest (~> 5.0)
  rake (~> 10.0)
  zipeador!

BUNDLED WITH
   1.17.1
